GIT
  remote: git@github.com:ankane/cld.git
  revision: 7eb801b769c5dba93dfc7cb52d49846fdf7261c1
  specs:
    cld (0.4.0)
      ffi

GEM
  remote: https://rubygems.org/
  specs:
    addressable (2.2.6)
    cookiejar (0.3.0)
    em-http-request (1.0.1)
      addressable (>= 2.2.3)
      cookiejar
      em-socksify
      eventmachine (>= 1.0.0.beta.4)
      http_parser.rb (>= 0.5.3)
    em-socksify (0.1.0)
      eventmachine
    eventmachine (1.0.0.beta.4)
    ffi (1.0.11)
    http_parser.rb (0.5.3)
    simple_oauth (0.1.5)
    yajl-ruby (1.1.0)

PLATFORMS
  ruby

DEPENDENCIES
  cld!
  em-http-request
  simple_oauth
  yajl-ruby
